GEM
  remote: https://rubygems.org/
  specs:
    ansi (1.5.0)

PLATFORMS
  x86_64-linux

DEPENDENCIES
  ansi (~> 1.5)

RUBY VERSION
   ruby 3.0.2p107

BUNDLED WITH
   2.2.31
